PATH
  remote: .
  specs:
    gemcopy (0.1.0)

GEM
  remote: http://rubygems.org/
  specs:
    rake (10.5.0)
    rpg-maker-rgss3 (1.02.0)

PLATFORMS
  x86-mingw32

DEPENDENCIES
  bundler (~> 1.9)
  gemcopy!
  rake (~> 10.0)
  rpg-maker-rgss3
